PATH
  remote: .
  specs:
    launchy (3.0.1)
      addressable (~> 2.8)
      childprocess (~> 5.0)
      logger (~> 1.6)

GEM
  remote: https://rubygems.org/
  specs:
    addressable (2.8.7)
      public_suffix (>= 2.0.2, < 7.0)
    ast (2.4.2)
    bigdecimal (3.1.9)
    bigdecimal (3.1.9-java)
    builder (3.3.0)
    childprocess (5.1.0)
      logger (~> 1.5)
    concurrent-ruby (1.3.5)
    date (3.4.1)
    date (3.4.1-java)
    docile (1.4.1)
    dry-configurable (1.3.0)
      dry-core (~> 1.1)
      zeitwerk (~> 2.6)
    dry-core (1.1.0)
      concurrent-ruby (~> 1.0)
      logger
      zeitwerk (~> 2.6)
    dry-inflector (1.2.0)
    dry-initializer (3.2.0)
    dry-logic (1.6.0)
      bigdecimal
      concurrent-ruby (~> 1.0)
      dry-core (~> 1.1)
      zeitwerk (~> 2.6)
    dry-schema (1.13.4)
      concurrent-ruby (~> 1.0)
      dry-configurable (~> 1.0, >= 1.0.1)
      dry-core (~> 1.0, < 2)
      dry-initializer (~> 3.0)
      dry-logic (>= 1.4, < 2)
      dry-types (>= 1.7, < 2)
      zeitwerk (~> 2.6)
    dry-types (1.8.1)
      bigdecimal (~> 3.0)
      concurrent-ruby (~> 1.0)
      dry-core (~> 1.0)
      dry-inflector (~> 1.0)
      dry-logic (~> 1.4)
      zeitwerk (~> 2.6)
    jar-dependencies (0.5.2)
    json (2.9.1)
    json (2.9.1-java)
    language_server-protocol (3.17.0.3)
    logger (1.6.5)
    minitest (5.25.4)
    minitest-focus (1.4.0)
      minitest (>= 4, < 6)
    minitest-junit (1.1.0)
      builder (~> 3.2)
      minitest (~> 5.11)
    parallel (1.26.3)
    parser (3.3.7.0)
      ast (~> 2.4.1)
      racc
    psych (5.2.3)
      date
      stringio
    psych (5.2.3-java)
      date
      jar-dependencies (>= 0.1.7)
    public_suffix (6.0.1)
    racc (1.8.1)
    racc (1.8.1-java)
    rainbow (3.1.1)
    rake (13.2.1)
    rdoc (6.11.0)
      psych (>= 4.0.0)
    reek (6.4.0)
      dry-schema (~> 1.13.0)
      logger (~> 1.6)
      parser (~> 3.3.0)
      rainbow (>= 2.0, < 4.0)
      rexml (~> 3.1)
    regexp_parser (2.10.0)
    rexml (3.4.0)
    rubocop (1.71.0)
      json (~> 2.3)
      language_server-protocol (>= 3.17.0)
      parallel (~> 1.10)
      parser (>= 3.3.0.2)
      rainbow (>= 2.2.2, < 4.0)
      regexp_parser (>= 2.9.3, < 3.0)
      rubocop-ast (>= 1.36.2, < 2.0)
      ruby-progressbar (~> 1.7)
      unicode-display_width (>= 2.4.0, < 4.0)
    rubocop-ast (1.37.0)
      parser (>= 3.3.1.0)
    rubocop-md (1.2.4)
      rubocop (>= 1.45)
    rubocop-minitest (0.36.0)
      rubocop (>= 1.61, < 2.0)
      rubocop-ast (>= 1.31.1, < 2.0)
    rubocop-packaging (0.5.2)
      rubocop (>= 1.33, < 2.0)
    rubocop-performance (1.23.1)
      rubocop (>= 1.48.1, < 2.0)
      rubocop-ast (>= 1.31.1, < 2.0)
    rubocop-rake (0.6.0)
      rubocop (~> 1.0)
    rubocop-thread_safety (0.6.0)
      rubocop (>= 1.48.1)
    ruby-progressbar (1.13.0)
    simplecov (0.22.0)
      docile (~> 1.1)
      simplecov-html (~> 0.11)
      simplecov_json_formatter (~> 0.1)
    simplecov-html (0.13.1)
    simplecov_json_formatter (0.1.4)
    stringio (3.1.2)
    unicode-display_width (3.1.4)
      unicode-emoji (~> 4.0, >= 4.0.4)
    unicode-emoji (4.0.4)
    zeitwerk (2.7.1)

PLATFORMS
  arm64-darwin-23
  java
  ruby
  x86_64-linux

DEPENDENCIES
  launchy!
  minitest (~> 5.11)
  minitest-focus (~> 1.2)
  minitest-junit (~> 1.0)
  rake
  rdoc (~> 6.3)
  reek
  rubocop (~> 1.63)
  rubocop-md (~> 1.2)
  rubocop-minitest (~> 0.35)
  rubocop-packaging (~> 0.5)
  rubocop-performance (~> 1.21)
  rubocop-rake (~> 0.6)
  rubocop-thread_safety (~> 0.6)
  simplecov (~> 0.22)

BUNDLED WITH
   2.6.3
