PATH
  remote: .
  specs:
    launchy (2.5.1)
      addressable (~> 2.8)

GEM
  remote: https://rubygems.org/
  specs:
    addressable (2.8.0)
      public_suffix (>= 2.0.2, < 5.0)
    docile (1.3.2)
    jar-dependencies (0.4.1)
    minitest (5.14.0)
    psych (4.0.3)
      stringio
    psych (4.0.3-java)
      jar-dependencies (>= 0.1.7)
    public_suffix (4.0.7)
    rake (13.0.1)
    rdoc (6.4.0)
      psych (>= 4.0.0)
    simplecov (0.18.5)
      docile (~> 1.1)
      simplecov-html (~> 0.11)
    simplecov-html (0.12.1)
    stringio (3.0.1)

PLATFORMS
  java
  ruby

DEPENDENCIES
  launchy!
  minitest (~> 5.14)
  rake (~> 13.0)
  rdoc (~> 6.2)
  simplecov (~> 0.17)

BUNDLED WITH
   2.1.4
