PATH
  remote: .
  specs:
    launchy (3.0.0)
      addressable (~> 2.8)
      childprocess (~> 5.0)

GEM
  remote: https://rubygems.org/
  specs:
    addressable (2.8.6)
      public_suffix (>= 2.0.2, < 6.0)
    ast (2.4.2)
    bigdecimal (3.1.7)
    builder (3.2.4)
    childprocess (5.0.0)
    concurrent-ruby (1.2.3)
    docile (1.4.0)
    dry-configurable (1.1.0)
      dry-core (~> 1.0, < 2)
      zeitwerk (~> 2.6)
    dry-core (1.0.1)
      concurrent-ruby (~> 1.0)
      zeitwerk (~> 2.6)
    dry-inflector (1.0.0)
    dry-initializer (3.1.1)
    dry-logic (1.5.0)
      concurrent-ruby (~> 1.0)
      dry-core (~> 1.0, < 2)
      zeitwerk (~> 2.6)
    dry-schema (1.13.3)
      concurrent-ruby (~> 1.0)
      dry-configurable (~> 1.0, >= 1.0.1)
      dry-core (~> 1.0, < 2)
      dry-initializer (~> 3.0)
      dry-logic (>= 1.4, < 2)
      dry-types (>= 1.7, < 2)
      zeitwerk (~> 2.6)
    dry-types (1.7.2)
      bigdecimal (~> 3.0)
      concurrent-ruby (~> 1.0)
      dry-core (~> 1.0)
      dry-inflector (~> 1.0)
      dry-logic (~> 1.4)
      zeitwerk (~> 2.6)
    heel (4.0.1)
      launchy (~> 2.5)
      mime-types (~> 3.4)
      puma (~> 6.0)
      rack (~> 3.0)
      rackup (~> 2.1)
      rouge (~> 4.0)
    json (2.7.2)
    language_server-protocol (3.17.0.3)
    mime-types (3.5.2)
      mime-types-data (~> 3.2015)
    mime-types-data (3.2024.0305)
    minitest (5.22.3)
    minitest-focus (1.4.0)
      minitest (>= 4, < 6)
    minitest-junit (1.1.0)
      builder (~> 3.2)
      minitest (~> 5.11)
    nio4r (2.7.1)
    parallel (1.24.0)
    parser (3.3.1.0)
      ast (~> 2.4.1)
      racc
    psych (5.1.2)
      stringio
    public_suffix (5.0.5)
    puma (6.4.2)
      nio4r (~> 2.0)
    racc (1.7.3)
    rack (3.0.10)
    rackup (2.1.0)
      rack (>= 3)
      webrick (~> 1.8)
    rainbow (3.1.1)
    rake (13.2.1)
    rdoc (6.6.3.1)
      psych (>= 4.0.0)
    reek (6.3.0)
      dry-schema (~> 1.13.0)
      parser (~> 3.3.0)
      rainbow (>= 2.0, < 4.0)
      rexml (~> 3.1)
    regexp_parser (2.9.0)
    rexml (3.2.6)
    rouge (4.2.1)
    rubocop (1.63.4)
      json (~> 2.3)
      language_server-protocol (>= 3.17.0)
      parallel (~> 1.10)
      parser (>= 3.3.0.2)
      rainbow (>= 2.2.2, < 4.0)
      regexp_parser (>= 1.8, < 3.0)
      rexml (>= 3.2.5, < 4.0)
      rubocop-ast (>= 1.31.1, < 2.0)
      ruby-progressbar (~> 1.7)
      unicode-display_width (>= 2.4.0, < 3.0)
    rubocop-ast (1.31.3)
      parser (>= 3.3.1.0)
    rubocop-md (1.2.2)
      rubocop (>= 1.0)
    rubocop-minitest (0.35.0)
      rubocop (>= 1.61, < 2.0)
      rubocop-ast (>= 1.31.1, < 2.0)
    rubocop-packaging (0.5.2)
      rubocop (>= 1.33, < 2.0)
    rubocop-performance (1.21.0)
      rubocop (>= 1.48.1, < 2.0)
      rubocop-ast (>= 1.31.1, < 2.0)
    rubocop-rake (0.6.0)
      rubocop (~> 1.0)
    rubocop-thread_safety (0.5.1)
      rubocop (>= 0.90.0)
    ruby-progressbar (1.13.0)
    simplecov (0.22.0)
      docile (~> 1.1)
      simplecov-html (~> 0.11)
      simplecov_json_formatter (~> 0.1)
    simplecov-html (0.12.3)
    simplecov_json_formatter (0.1.4)
    stringio (3.1.0)
    unicode-display_width (2.5.0)
    webrick (1.8.1)
    zeitwerk (2.6.13)

PLATFORMS
  arm64-darwin-23

DEPENDENCIES
  heel
  launchy!
  minitest (~> 5.11)
  minitest-focus (~> 1.2)
  minitest-junit (~> 1.0)
  rake
  rdoc (~> 6.3)
  reek
  rubocop (~> 1.63)
  rubocop-md (~> 1.2)
  rubocop-minitest (~> 0.35)
  rubocop-packaging (~> 0.5)
  rubocop-performance (~> 1.21)
  rubocop-rake (~> 0.6)
  rubocop-thread_safety (~> 0.5)
  simplecov (~> 0.22)

BUNDLED WITH
   2.5.9
